GEM
  remote: http://rubygems.org/
  specs:
    clamp (0.3.0)
    diff-lcs (1.1.3)
    json (1.6.2)
    rspec (2.0.1)
      rspec-core (~> 2.0.1)
      rspec-expectations (~> 2.0.1)
      rspec-mocks (~> 2.0.1)
    rspec-core (2.0.1)
    rspec-expectations (2.0.1)
      diff-lcs (>= 1.1.2)
    rspec-mocks (2.0.1)
      rspec-core (~> 2.0.1)
      rspec-expectations (~> 2.0.1)

PLATFORMS
  ruby

DEPENDENCIES
  clamp (>= 0.2.3)
  json
  rspec (~> 2.0.0)
